GIT
  remote: https://github.com/trombik/ansible-inventory-yaml.git
  revision: 901bcd52053511f2b2f71443b948ad2791dc76b4
  branch: master
  specs:
    ansible-inventory-yaml (0.1.0)
      deep_merge (~> 1.1.1)

GIT
  remote: https://github.com/trombik/ansible-vault
  revision: 839ea69dbf8a4fe85e0ab4d00aa20e2bf98876a2
  branch: master
  specs:
    ansible-vault (0.1.0)

GIT
  remote: https://github.com/trombik/infrataster-plugin-firewall.git
  revision: eef6fe86fb9d5302ac98fd5402f3ba807f9b70b6
  branch: reallyenglish
  specs:
    infrataster-plugin-firewall (0.1.4)
      infrataster (~> 0.3.0)

GIT
  remote: https://github.com/trombik/infrataster.git
  revision: 1cc9b77126d5e1e7a445456cdbf6fee4f0ab4bd4
  branch: reallyenglish
  specs:
    infrataster (0.3.2)
      capybara
      faraday
      faraday_middleware (>= 0.10.0)
      net-ssh
      net-ssh-gateway
      poltergeist
      rspec (>= 2.0, < 4.0)
      thor

GIT
  remote: https://github.com/trombik/vagrant-serverspec.git
  revision: 07d6aea596731c7670cebe734552d6f407df3d1e
  branch: master
  specs:
    vagrant-serverspec (0.1.0)
      net-ssh (>= 3.0.2)
      serverspec (>= 2.40.0)
      vagrant-ssh-config

GIT
  remote: https://github.com/trombik/vagrant-ssh-config.git
  revision: a7cd2a6770afdc1a07d49397722ae8d8da5f38d1
  branch: master
  specs:
    vagrant-ssh-config (1.0.1)
      net-ssh (~> 3.0.2)

GEM
  remote: https://rubygems.org/
  specs:
    addressable (2.5.2)
      public_suffix (>= 2.0.2, < 4.0)
    ast (2.3.0)
    capybara (2.17.0)
      addressable
      mini_mime (>= 0.1.3)
      nokogiri (>= 1.3.3)
      rack (>= 1.0.0)
      rack-test (>= 0.5.4)
      xpath (>= 2.0, < 4.0)
    cliver (0.3.2)
    deep_merge (1.1.1)
    diff-lcs (1.3)
    faraday (0.13.1)
      multipart-post (>= 1.2, < 3)
    faraday_middleware (0.12.2)
      faraday (>= 0.7.4, < 1.0)
    highline (1.7.10)
    mini_mime (1.0.0)
    mini_portile2 (2.3.0)
    multi_json (1.13.0)
    multipart-post (2.0.0)
    net-scp (1.2.1)
      net-ssh (>= 2.6.5)
    net-ssh (3.0.2)
    net-ssh-gateway (1.3.0)
      net-ssh (>= 2.6.5)
    net-telnet (0.1.1)
    nokogiri (1.8.1)
      mini_portile2 (~> 2.3.0)
    parallel (1.12.1)
    parser (2.4.0.2)
      ast (~> 2.3)
    poltergeist (1.17.0)
      capybara (~> 2.1)
      cliver (~> 0.3.1)
      websocket-driver (>= 0.2.0)
    powerpack (0.1.1)
    public_suffix (3.0.1)
    rack (2.0.3)
    rack-test (0.8.2)
      rack (>= 1.0, < 3)
    rainbow (2.2.2)
      rake
    rake (12.0.0)
    retries (0.0.5)
    rspec (3.4.0)
      rspec-core (~> 3.4.0)
      rspec-expectations (~> 3.4.0)
      rspec-mocks (~> 3.4.0)
    rspec-core (3.4.4)
      rspec-support (~> 3.4.0)
    rspec-expectations (3.4.0)
      diff-lcs (>= 1.2.0, < 2.0)
      rspec-support (~> 3.4.0)
    rspec-its (1.2.0)
      rspec-core (>= 3.0.0)
      rspec-expectations (>= 3.0.0)
    rspec-mocks (3.4.1)
      diff-lcs (>= 1.2.0, < 2.0)
      rspec-support (~> 3.4.0)
    rspec-retry (0.5.6)
      rspec-core (> 3.3, < 3.8)
    rspec-support (3.4.1)
    rubocop (0.51.0)
      parallel (~> 1.10)
      parser (>= 2.3.3.1, < 3.0)
      powerpack (~> 0.1)
      rainbow (>= 2.2.2, < 3.0)
      ruby-progressbar (~> 1.7)
      unicode-display_width (~> 1.0, >= 1.0.1)
    ruby-progressbar (1.9.0)
    serverspec (2.41.3)
      multi_json
      rspec (~> 3.0)
      rspec-its
      specinfra (~> 2.72)
    sfl (2.3)
    specinfra (2.73.0)
      net-scp
      net-ssh (>= 2.7, < 5.0)
      net-telnet
      sfl
    thor (0.20.0)
    unicode-display_width (1.3.0)
    websocket-driver (0.7.0)
      websocket-extensions (>= 0.1.0)
    websocket-extensions (0.1.3)
    xpath (3.0.0)
      nokogiri (~> 1.8)

PLATFORMS
  ruby

DEPENDENCIES
  ansible-inventory-yaml!
  ansible-vault!
  highline (~> 1.7.8)
  infrataster (>= 0.3.2)!
  infrataster-plugin-firewall (>= 0.1.4)!
  net-ssh (~> 3.0.2)
  rake (~> 12.0.0)
  retries (~> 0.0.5)
  rspec (~> 3.4.0)
  rspec-retry (~> 0.5.5)
  rubocop (~> 0.51.0)
  serverspec (~> 2.41.3)
  vagrant-serverspec!
  vagrant-ssh-config!

BUNDLED WITH
   1.16.0
